GEM
  remote: http://rubygems.org/
  specs:
    gray (1.0.1)
    mustermann (1.0.0)
    rack (2.0.3)
    rack-protection (2.0.0)
      rack
    redis (3.3.3)
    regex (1.1.1)
    simple-random (1.0.3)
    sinatra (2.0.0)
      mustermann (~> 1.0)
      rack (~> 2.0)
      rack-protection (= 2.0.0)
      tilt (~> 2.0)
    split (3.0.0)
      redis (>= 2.1)
      simple-random (>= 0.9.3)
      sinatra (>= 1.2.6)
    tilt (2.0.7)

PLATFORMS
  x86-mingw32

DEPENDENCIES
  gray (~> 1.0, >= 1.0.1)
  regex (~> 1.1, >= 1.1.1)
  split (~> 3.0)

BUNDLED WITH
   1.14.6
